GEM
  remote: https://rubygems.org/
  specs:
    addressable (2.2.6)
    annoy (0.5.6)
      highline (>= 1.5.0)
    attic (0.5.3)
    bcrypt-ruby (3.0.1)
    builder (3.1.4)
    coderay (1.0.8)
    daemons (1.1.9)
    data_objects (0.10.10)
      addressable (~> 2.1)
    datamapper (1.2.0)
      dm-aggregates (~> 1.2.0)
      dm-constraints (~> 1.2.0)
      dm-core (~> 1.2.0)
      dm-migrations (~> 1.2.0)
      dm-serializer (~> 1.2.0)
      dm-timestamps (~> 1.2.0)
      dm-transactions (~> 1.2.0)
      dm-types (~> 1.2.0)
      dm-validations (~> 1.2.0)
    dm-aggregates (1.2.0)
      dm-core (~> 1.2.0)
    dm-constraints (1.2.0)
      dm-core (~> 1.2.0)
    dm-core (1.2.0)
      addressable (~> 2.2.6)
    dm-do-adapter (1.2.0)
      data_objects (~> 0.10.6)
      dm-core (~> 1.2.0)
    dm-migrations (1.2.0)
      dm-core (~> 1.2.0)
    dm-postgres-adapter (1.2.0)
      dm-do-adapter (~> 1.2.0)
      do_postgres (~> 0.10.6)
    dm-serializer (1.2.2)
      dm-core (~> 1.2.0)
      fastercsv (~> 1.5)
      json (~> 1.6)
      json_pure (~> 1.6)
      multi_json (~> 1.0)
    dm-sqlite-adapter (1.2.0)
      dm-do-adapter (~> 1.2.0)
      do_sqlite3 (~> 0.10.6)
    dm-timestamps (1.2.0)
      dm-core (~> 1.2.0)
    dm-transactions (1.2.0)
      dm-core (~> 1.2.0)
    dm-types (1.2.2)
      bcrypt-ruby (~> 3.0)
      dm-core (~> 1.2.0)
      fastercsv (~> 1.5)
      json (~> 1.6)
      multi_json (~> 1.0)
      stringex (~> 1.4)
      uuidtools (~> 2.1)
    dm-validations (1.2.0)
      dm-core (~> 1.2.0)
    do_postgres (0.10.10)
      data_objects (= 0.10.10)
    do_sqlite3 (0.10.10)
      data_objects (= 0.10.10)
    drydock (0.6.9)
    eventmachine (1.0.0)
    fastercsv (1.5.5)
    gibbler (0.9.0)
    googleajax (1.0.1)
      json (>= 1.0.0)
    highline (1.6.15)
    httparty (0.9.0)
      multi_json (~> 1.0)
      multi_xml
    i18n (0.6.1)
    ipaddress (0.8.0)
    json (1.7.5)
    json_pure (1.7.5)
    mime-types (1.19)
    multi_json (1.4.0)
    multi_xml (0.5.1)
    mustache (0.99.4)
    otto (0.3.1)
      addressable (>= 2.2.6)
      rack (>= 1.2.1)
    public_suffix (1.1.3)
    rack (1.4.1)
    redis (3.0.2)
    redis-objects (0.6.1)
      redis (>= 3.0.2)
    rest-client (1.6.7)
      mime-types (>= 1.16)
    rmagick (2.13.1)
    rufus-scheduler (2.0.17)
      tzinfo (>= 0.3.23)
    storable (0.8.9)
    stringex (1.5.1)
    stripe (1.7.8)
      multi_json (>= 1.0.4, < 2)
      rest-client (~> 1.4)
    sysinfo (0.8.0)
      drydock
      storable
    thin (1.5.0)
      daemons (>= 1.0.9)
      eventmachine (>= 0.12.6)
      rack (>= 1.0.0)
    tryouts (2.1.1)
      sysinfo (>= 0.7.3)
    twilio (3.1.0)
      builder (>= 2.1.2)
      httparty (~> 0.8)
    tzinfo (0.3.35)
    uuidtools (2.1.3)
    yajl-ruby (1.1.0)

PLATFORMS
  ruby

DEPENDENCIES
  addressable (= 2.2.6)
  annoy (= 0.5.6)
  attic
  bcrypt-ruby (= 3.0.1)
  coderay (= 1.0.8)
  datamapper (= 1.2.0)
  dm-postgres-adapter (= 1.2.0)
  dm-sqlite-adapter (= 1.2.0)
  do_postgres (= 0.10.10)
  drydock (= 0.6.9)
  gibbler (= 0.9.0)
  googleajax (= 1.0.1)
  httparty (= 0.9.0)
  i18n
  ipaddress (= 0.8.0)
  mustache (= 0.99.4)
  otto (= 0.3.1)
  public_suffix (= 1.1.3)
  rack (= 1.4.1)
  redis (= 3.0.2)
  redis-objects (= 0.6.1)
  rmagick (= 2.13.1)
  rufus-scheduler (= 2.0.17)
  stripe (= 1.7.8)
  sysinfo (= 0.8.0)
  thin (= 1.5.0)
  tryouts (= 2.1.1)
  twilio (= 3.1.0)
  yajl-ruby (= 1.1.0)
